GIT
  remote: git://github.com/seancribbs/webmachine-ruby.git
  revision: ab701ad52e00f5ee5816a8d1efd5d910ca97e27c
  specs:
    webmachine (0.4.2)
      i18n (>= 0.4.0)

PATH
  remote: .
  specs:
    webmachine-linking (0.1.0)

GEM
  remote: http://rubygems.org/
  specs:
    diff-lcs (1.1.3)
    i18n (0.6.0)
    rake (0.9.2.2)
    rspec (2.8.0)
      rspec-core (~> 2.8.0)
      rspec-expectations (~> 2.8.0)
      rspec-mocks (~> 2.8.0)
    rspec-core (2.8.0)
    rspec-expectations (2.8.0)
      diff-lcs (~> 1.1.2)
    rspec-mocks (2.8.0)

PLATFORMS
  x86-mingw32

DEPENDENCIES
  bundler
  rake
  rspec (~> 2.8.0)
  webmachine!
  webmachine-linking!
